GEM
  remote: https://rubygems.org/
  specs:
    awesome_print (1.7.0)
    ffi (1.9.17)
    natto (1.1.1)
      ffi (>= 1.9.0)

PLATFORMS
  ruby

DEPENDENCIES
  awesome_print
  natto

BUNDLED WITH
   1.14.3
